GEM
  remote: https://rubygems.org/
  specs:
    diff-lcs (1.6.2)
    rack (2.2.18)
    rake (13.3.0)
    rouge (4.6.1)
    rspec (3.13.1)
      rspec-core (~> 3.13.0)
      rspec-expectations (~> 3.13.0)
      rspec-mocks (~> 3.13.0)
    rspec-core (3.13.5)
      rspec-support (~> 3.13.0)
    rspec-expectations (3.13.5)
      diff-lcs (>= 1.2.0, < 2.0)
      rspec-support (~> 3.13.0)
    rspec-mocks (3.13.5)
      diff-lcs (>= 1.2.0, < 2.0)
      rspec-support (~> 3.13.0)
    rspec-support (3.13.6)

PLATFORMS
  x64-mingw-ucrt

DEPENDENCIES
  rack (~> 2.0)
  rake (~> 13.0)
  rouge (~> 4.0)
  rspec (~> 3.0)

BUNDLED WITH
   2.6.9
